GEM
  remote: https://rubygems.org/
  specs:
    daemons (1.1.9)
    dotenv (0.9.0)
    eventmachine (1.0.3)
    foreman (0.63.0)
      dotenv (>= 0.7)
      thor (>= 0.13.6)
    haml (4.0.5)
      tilt
    rack (1.5.2)
    thin (1.6.1)
      daemons (>= 1.0.9)
      eventmachine (>= 1.0.0)
      rack (>= 1.0.0)
    thor (0.18.1)
    tilt (2.0.0)

PLATFORMS
  ruby

DEPENDENCIES
  foreman
  haml
  rack
  thin
